GEM
  remote: https://rubygems.org/
  specs:
    jekyll-theme-kagami (0.2.0)

PLATFORMS
  ruby

DEPENDENCIES
  jekyll-theme-kagami

BUNDLED WITH
   1.17.2
